GEM
  remote: http://rubygems.org/
  specs:
    chunky_png (1.2.0)
    compass (0.11.1)
      chunky_png (~> 1.1)
      fssm (>= 0.2.7)
      sass (~> 3.1)
    faker (0.9.5)
      i18n (~> 0.4)
    fssm (0.2.7)
    haml (3.1.1)
    i18n (0.6.0)
    innate (2011.04)
      rack (>= 1.1.0)
    rack (1.3.0)
    ramaze (2011.01.30)
      innate (>= 2010.03)
    sass (3.1.2)

PLATFORMS
  ruby

DEPENDENCIES
  compass
  faker
  haml
  ramaze
  sass
